GEM
  remote: http://rubygems.org/
  specs:
    async_sinatra (0.5.0)
      rack (>= 1.2.1)
      sinatra (>= 1.0)
    daemon_controller (0.2.6)
    daemons (1.1.3)
    eventmachine (0.12.10)
    rack (1.3.0)
    rerun (0.6.2)
    sinatra (1.2.6)
      rack (~> 1.1)
      tilt (< 2.0, >= 1.2.2)
    thin (1.2.11)
      daemons (>= 1.0.9)
      eventmachine (>= 0.12.6)
      rack (>= 1.0.0)
    tilt (1.3.1)

PLATFORMS
  ruby

DEPENDENCIES
  async_sinatra
  daemon_controller
  eventmachine
  rack
  rerun
  sinatra
  thin
