GEM
  remote: http://rubygems.org/
  specs:
    net-ssh (2.2.1)
    rack (1.3.2)
    sinatra (1.2.6)
      rack (~> 1.1)
      tilt (>= 1.2.2, < 2.0)
    tilt (1.3.3)

PLATFORMS
  ruby

DEPENDENCIES
  net-ssh (= 2.2.1)
  sinatra (= 1.2.6)
