GEM
  remote: http://rubygems.org/
  specs:
    addressable (2.2.6)
    async-rack (0.5.1)
      rack (~> 1.1)
    daemons (1.1.4)
    diff-lcs (1.1.3)
    em-http-request (1.0.0)
      addressable (>= 2.2.3)
      em-socksify
      eventmachine (>= 1.0.0.beta.3)
      http_parser.rb (>= 0.5.2)
    em-resolv-replace (1.1.1)
    em-socksify (0.1.0)
      eventmachine
    em-synchrony (1.0.0)
      eventmachine (>= 1.0.0.beta.1)
    eventmachine (1.0.0.beta.3)
    http_parser.rb (0.5.2)
    net-ssh (2.2.1)
    rack (1.3.2)
    rack-fiber_pool (0.9.2)
    rerun (0.6.2)
    rspec (2.6.0)
      rspec-core (~> 2.6.0)
      rspec-expectations (~> 2.6.0)
      rspec-mocks (~> 2.6.0)
    rspec-core (2.6.4)
    rspec-expectations (2.6.0)
      diff-lcs (~> 1.1.2)
    rspec-mocks (2.6.0)
    sinatra (1.2.6)
      rack (~> 1.1)
      tilt (>= 1.2.2, < 2.0)
    sinatra-synchrony (0.2.0)
      async-rack (>= 0.5.1)
      em-http-request (= 1.0.0)
      em-resolv-replace (>= 1.1.1)
      em-synchrony (= 1.0.0)
      eventmachine (= 1.0.0.beta.3)
      rack-fiber_pool (= 0.9.2)
      sinatra (>= 1.0)
    thin (1.2.11)
      daemons (>= 1.0.9)
      eventmachine (>= 0.12.6)
      rack (>= 1.0.0)
    tilt (1.3.3)

PLATFORMS
  ruby

DEPENDENCIES
  eventmachine (= 1.0.0.beta.3)
  net-ssh (= 2.2.1)
  rerun (= 0.6.2)
  rspec (= 2.6.0)
  sinatra (= 1.2.6)
  sinatra-synchrony (= 0.2.0)
  thin (= 1.2.11)
