GEM
  remote: http://rubygems.org/
  specs:
    activesupport (3.1.0)
      multi_json (~> 1.0)
    addressable (2.2.6)
    async-rack (0.5.1)
      rack (~> 1.1)
    autowatchr (0.1.5)
      watchr
    chronic (0.6.3)
    crack (0.1.8)
    daemons (1.1.4)
    em-http-request (1.0.0)
      addressable (>= 2.2.3)
      em-socksify
      eventmachine (>= 1.0.0.beta.3)
      http_parser.rb (>= 0.5.2)
    em-resolv-replace (1.1.1)
    em-socksify (0.1.0)
      eventmachine
    em-synchrony (1.0.0)
      eventmachine (>= 1.0.0.beta.1)
    eventmachine (1.0.0.beta.3)
    htmlentities (4.3.0)
    http_parser.rb (0.5.2)
    i18n (0.6.0)
    multi_json (1.0.3)
    mynyml-redgreen (0.7.1)
      term-ansicolor (>= 1.0.4)
    net-ssh (2.2.1)
    nokogiri (1.5.0)
    rack (1.3.2)
    rack-fiber_pool (0.9.2)
    rack-test (0.6.1)
      rack (>= 1.0)
    rake (0.9.2)
    rerun (0.6.2)
    sinatra (1.2.6)
      rack (~> 1.1)
      tilt (>= 1.2.2, < 2.0)
    sinatra-synchrony (0.2.0)
      async-rack (>= 0.5.1)
      em-http-request (= 1.0.0)
      em-resolv-replace (>= 1.1.1)
      em-synchrony (= 1.0.0)
      eventmachine (= 1.0.0.beta.3)
      rack-fiber_pool (= 0.9.2)
      sinatra (>= 1.0)
    term-ansicolor (1.0.6)
    thin (1.2.11)
      daemons (>= 1.0.9)
      eventmachine (>= 0.12.6)
      rack (>= 1.0.0)
    tilt (1.3.3)
    watchr (0.7)
    webmock (1.7.6)
      addressable (> 2.2.5, ~> 2.2)
      crack (>= 0.1.7)

PLATFORMS
  ruby

DEPENDENCIES
  activesupport (= 3.1.0)
  autowatchr (= 0.1.5)
  chronic (= 0.6.3)
  eventmachine (= 1.0.0.beta.3)
  htmlentities (= 4.3.0)
  i18n (= 0.6.0)
  mynyml-redgreen (= 0.7.1)
  net-ssh (= 2.2.1)
  nokogiri (= 1.5.0)
  rack-test (= 0.6.1)
  rake (= 0.9.2)
  rerun (= 0.6.2)
  sinatra (= 1.2.6)
  sinatra-synchrony (= 0.2.0)
  thin (= 1.2.11)
  watchr (= 0.7)
  webmock (= 1.7.6)
