GEM
  remote: http://rubygems.org/
  specs:
    diff-lcs (1.1.3)
    kgio (2.6.0)
    net-ssh (2.2.1)
    rack (1.3.2)
    rainbows (4.3.0)
      kgio (~> 2.5)
      rack (~> 1.1)
      unicorn (~> 4.1)
    raindrops (0.7.0)
    rerun (0.6.2)
    rspec (2.6.0)
      rspec-core (~> 2.6.0)
      rspec-expectations (~> 2.6.0)
      rspec-mocks (~> 2.6.0)
    rspec-core (2.6.4)
    rspec-expectations (2.6.0)
      diff-lcs (~> 1.1.2)
    rspec-mocks (2.6.0)
    sinatra (1.2.6)
      rack (~> 1.1)
      tilt (>= 1.2.2, < 2.0)
    tilt (1.3.3)
    unicorn (4.1.1)
      kgio (~> 2.4)
      rack
      raindrops (~> 0.6)
    zbatery (4.1.0)
      rainbows (~> 4.3)

PLATFORMS
  ruby

DEPENDENCIES
  net-ssh (= 2.2.1)
  rerun (= 0.6.2)
  rspec (= 2.6.0)
  sinatra (= 1.2.6)
  zbatery (= 4.1.0)
